PATH
  remote: .
  specs:
    jwt-multisignature (1.0.2)
      activesupport (>= 4.0, < 8.0)
      jwt (~> 2.2)

GEM
  remote: https://rubygems.org/
  specs:
    activesupport (6.1.7.3)
      concurrent-ruby (~> 1.0, >= 1.0.2)
      i18n (>= 1.6, < 2)
      minitest (>= 5.1)
      tzinfo (~> 2.0)
      zeitwerk (~> 2.3)
    concurrent-ruby (1.2.2)
    i18n (1.12.0)
      concurrent-ruby (~> 1.0)
    jwt (2.7.0)
    memoist (0.16.2)
    minitest (5.15.0)
    power_assert (1.1.6)
    rake (12.3.3)
    test-unit (3.3.5)
      power_assert
    tzinfo (2.0.6)
      concurrent-ruby (~> 1.0)
    zeitwerk (2.6.7)

PLATFORMS
  ruby

DEPENDENCIES
  bundler (~> 1.16)
  jwt-multisignature!
  memoist (~> 0.16)
  rake (~> 12.3)
  test-unit (~> 3.1)

BUNDLED WITH
   1.17.3
